PATH
  remote: .
  specs:
    GoogleVoiceParser (0.0.1)
      nokogiri (~> 1.6)
      thor (~> 0.19)

GEM
  remote: https://rubygems.org/
  specs:
    mini_portile (0.6.0)
    nokogiri (1.6.5)
      mini_portile (~> 0.6.0)
    rake (10.3.2)
    thor (0.19.1)

PLATFORMS
  ruby

DEPENDENCIES
  GoogleVoiceParser!
  bundler (~> 1.6)
  rake
